NUGET
  remote: https://www.nuget.org/api/v2
    Akka (1.1.2) - framework: >= net452
      Newtonsoft.Json (>= 9.0.1)
      System.Collections.Immutable (>= 1.1.36)
    Akka.Cluster (1.1.2) - framework: >= net452
      Akka.Remote (>= 1.1.2)
      Google.ProtocolBuffers (>= 2.4.1.555)
      System.Collections.Immutable (>= 1.1.36)
    Akka.Logger.NLog (1.1.2) - framework: >= net452
      Akka (>= 1.1.2)
      Newtonsoft.Json (>= 9.0.1)
      NLog (>= 4.3.2)
      System.Collections.Immutable (>= 1.1.36)
    Akka.Remote (1.1.2) - framework: >= net452
      Akka (>= 1.1.2)
      Google.ProtocolBuffers (>= 2.4.1.555)
      Helios (>= 2.1.2)
      System.Collections.Immutable (>= 1.1.36)
    Akka.Serialization.Wire (1.1.2.30-beta) - framework: >= net452
      Akka (>= 1.1.2)
      Wire (>= 0.7.1)
    Akka.TestKit (1.1.2) - framework: >= net452
      Akka (>= 1.1.2)
    Akka.TestKit.Xunit2 (1.1.2) - framework: >= net452
      Akka.TestKit (>= 1.1.2)
      xunit (>= 2.1)
      xunit.abstractions (>= 2.0)
      xunit.assert (>= 2.1)
      xunit.core (>= 2.1)
      xunit.extensibility.core (>= 2.1)
      xunit.extensibility.execution (>= 2.1)
    Autofac (4.2) - framework: >= net452
    Autofac.Owin (4.0) - framework: >= net452
      Autofac (>= 3.5 < 5.0)
      Microsoft.Owin (>= 3.0 < 4.0)
    Autofac.SignalR (3.0.2) - framework: >= net452
      Autofac (>= 3.1.3-CI-027)
    ConfigJson (3.0.2)
    FAKE (4.52)
    FsCheck (2.6.2) - framework: >= net452
      FSharp.Core (>= 3.1.2.5)
    FsCheck.Xunit (2.6.2) - framework: >= net452
      FsCheck (>= 2.6.2)
      xunit.extensibility.execution (>= 2.1 < 3.0)
    FSharp.Core (4.0.1.7-alpha) - framework: >= net452
      Microsoft.NETCore.Platforms (>= 1.0.1) - framework: >= net463, >= netstandard16
      NETStandard.Library (>= 1.6) - framework: >= net463, >= netstandard16
      System.Linq.Expressions (>= 4.1) - framework: >= net463, >= netstandard16
      System.Linq.Queryable (>= 4.0.1) - framework: >= net463, >= netstandard16
      System.Net.Requests (>= 4.0.11) - framework: >= net463, >= netstandard16
      System.Reflection.Emit (>= 4.0.1) - framework: >= net463, >= netstandard16
      System.Reflection.TypeExtensions (>= 4.1) - framework: >= net463, >= netstandard16
      System.Runtime.Loader (>= 4.0) - framework: >= net463, >= netstandard16
      System.Threading.Tasks.Parallel (>= 4.0.1) - framework: >= net463, >= netstandard16
      System.Threading.Thread (>= 4.0) - framework: >= net463, >= netstandard16
      System.Threading.ThreadPool (>= 4.0.10) - framework: >= net463, >= netstandard16
    Google.ProtocolBuffers (2.4.1.555) - framework: >= net452
    Helios (2.1.2) - framework: >= net452
    ManagedEsent (1.9.4) - framework: >= net452
    Microsoft.AspNet.Cors (5.2.3) - framework: >= net452
    Microsoft.AspNet.SignalR.Core (2.2.1) - framework: >= net452
      Microsoft.Owin (>= 2.1)
      Microsoft.Owin.Security (>= 2.1)
      Newtonsoft.Json (>= 6.0.4)
      Owin (>= 1.0)
    Microsoft.AspNet.SignalR.SelfHost (2.2.1) - framework: >= net452
      Microsoft.AspNet.SignalR.Core (>= 2.2.1)
      Microsoft.Owin.SelfHost (>= 2.1)
    Microsoft.AspNet.WebApi.Client (5.2.3) - framework: >= net452
      Newtonsoft.Json (>= 6.0.4) - framework: >= net45, portable-wp80+win+wp81+wpa81
    Microsoft.AspNet.WebApi.Core (5.2.3) - framework: >= net452
      Microsoft.AspNet.WebApi.Client (>= 5.2.3)
    Microsoft.AspNet.WebApi.Owin (5.2.3) - framework: >= net452
      Microsoft.AspNet.WebApi.Core (>= 5.2.3 < 5.3)
      Microsoft.Owin (>= 2.0.2)
      Owin (>= 1.0)
    Microsoft.Azure.KeyVault.Core (1.0) - framework: >= net452
    Microsoft.Data.Edm (5.6.4) - framework: >= net452
    Microsoft.Data.OData (5.6.4) - framework: >= net452
      Microsoft.Data.Edm (5.6.4)
      System.Spatial (5.6.4)
    Microsoft.Data.Services.Client (5.6.4) - framework: >= net452
      Microsoft.Data.OData (5.6.4)
    Microsoft.Database.Collections.Generic (1.9.4) - framework: >= net452
      ManagedEsent (>= 1.9.4)
      Microsoft.Database.Isam (>= 1.9.4)
    Microsoft.Database.Isam (1.9.4) - framework: >= net452
      ManagedEsent (>= 1.9.4)
    Microsoft.Net.Http (2.0.20505) - framework: >= net452
    Microsoft.NETCore.Platforms (1.1) - framework: >= net463
    Microsoft.Owin (3.0.1) - framework: >= net452
      Owin (>= 1.0)
    Microsoft.Owin.Cors (3.0.1) - framework: >= net452
      Microsoft.AspNet.Cors (>= 5.0)
      Microsoft.Owin (>= 3.0.1)
      Owin (>= 1.0)
    Microsoft.Owin.Diagnostics (3.0.1) - framework: >= net452
      Microsoft.Owin (>= 3.0.1)
      Owin (>= 1.0)
    Microsoft.Owin.FileSystems (3.0.1) - framework: >= net452
    Microsoft.Owin.Host.HttpListener (3.0.1) - framework: >= net452
    Microsoft.Owin.Hosting (3.0.1) - framework: >= net452
      Microsoft.Owin (>= 3.0.1)
      Owin (>= 1.0)
    Microsoft.Owin.Security (2.1) - framework: >= net452
      Microsoft.Owin (>= 2.1)
      Owin (>= 1.0)
    Microsoft.Owin.SelfHost (3.0.1) - framework: >= net452
      Microsoft.Owin (>= 3.0.1)
      Microsoft.Owin.Diagnostics (>= 3.0.1)
      Microsoft.Owin.Host.HttpListener (>= 3.0.1)
      Microsoft.Owin.Hosting (>= 3.0.1)
      Owin (>= 1.0)
    Microsoft.Owin.StaticFiles (3.0.1) - framework: >= net452
      Microsoft.Owin (>= 3.0.1)
      Microsoft.Owin.FileSystems (>= 3.0.1)
      Owin (>= 1.0)
    Microsoft.Win32.Primitives (4.3) - framework: >= net463
    NETStandard.Library (1.6.1) - framework: >= net463
      Microsoft.Win32.Primitives (>= 4.3) - framework: >= net46, >= netstandard13
      System.AppContext (>= 4.3) - framework: >= net46, >= netstandard13
      System.Collections.Concurrent (>= 4.3) - framework: >= net45, >= netstandard11
      System.Console (>= 4.3) - framework: >= net46, >= netstandard13
      System.Diagnostics.Tracing (>= 4.3) - framework: >= net45, >= netstandard11
      System.Globalization.Calendars (>= 4.3) - framework: >= net46, >= netstandard13
      System.IO.Compression (>= 4.3) - framework: >= net45, >= netstandard11
      System.IO.Compression.ZipFile (>= 4.3) - framework: >= net46, >= netstandard13
      System.IO.FileSystem (>= 4.3) - framework: >= net46, >= netstandard13
      System.IO.FileSystem.Primitives (>= 4.3) - framework: >= net46, >= netstandard13
      System.Net.Http (>= 4.3) - framework: >= net45, >= netstandard11
      System.Net.Sockets (>= 4.3) - framework: >= net46, >= netstandard13
      System.Runtime.Handles (>= 4.3) - framework: >= net46, >= netstandard13
      System.Runtime.InteropServices (>= 4.3) - framework: >= net45, >= netstandard11
      System.Runtime.InteropServices.RuntimeInformation (>= 4.3) - framework: >= net45, >= netstandard11
      System.Runtime.Numerics (>= 4.3) - framework: >= net45, >= netstandard11
      System.Security.Cryptography.Algorithms (>= 4.3) - framework: >= net46, >= netstandard13
      System.Security.Cryptography.Encoding (>= 4.3) - framework: >= net46, >= netstandard13
      System.Security.Cryptography.Primitives (>= 4.3) - framework: >= net46, >= netstandard13
      System.Security.Cryptography.X509Certificates (>= 4.3) - framework: >= net46, >= netstandard13
      System.Threading.Timer (>= 4.3) - framework: >= net451, >= netstandard12
    Newtonsoft.Json (9.0.1) - framework: >= net452
    NLog (4.4.3) - framework: >= net452
    NuGet.CommandLine (3.3)
    Owin (1.0) - framework: >= net452
    System.AppContext (4.3) - framework: >= net463
    System.Collections.Concurrent (4.3) - framework: >= net463
    System.Collections.Immutable (1.1.36)
    System.Console (4.3) - framework: >= net463
    System.Diagnostics.Tracing (4.3) - framework: >= net463
    System.Globalization.Calendars (4.3) - framework: >= net463
    System.IO (4.3) - framework: >= net463
    System.IO.Compression (4.3) - framework: >= net463
    System.IO.Compression.ZipFile (4.3) - framework: >= net463
    System.IO.FileSystem (4.3) - framework: >= net463
      System.IO.FileSystem.Primitives (>= 4.3) - framework: >= net46, >= netstandard13
    System.IO.FileSystem.Primitives (4.3) - framework: >= net463
    System.Linq.Expressions (4.3) - framework: >= net463
    System.Linq.Queryable (4.3) - framework: >= net463
    System.Net.Http (4.3.1) - framework: >= net463
      System.Security.Cryptography.X509Certificates (>= 4.3) - framework: >= net46, dnxcore50, netstandard13, >= netstandard16
    System.Net.Requests (4.3) - framework: >= net463
    System.Net.Sockets (4.3) - framework: >= net463
    System.Reflection (4.3) - framework: >= net463
    System.Reflection.Emit (4.3) - framework: >= net463
    System.Reflection.TypeExtensions (4.3) - framework: >= net463
      System.Reflection (>= 4.3) - framework: >= net462, dnxcore50, netstandard13, >= netstandard15
    System.Runtime (4.3) - framework: >= net463
    System.Runtime.Handles (4.3) - framework: >= net463
    System.Runtime.InteropServices (4.3) - framework: >= net463
      System.Runtime (>= 4.3) - framework: net462, >= net463, dnxcore50, netstandard11, netstandard12, netstandard13, >= netstandard15, netcore11
    System.Runtime.InteropServices.RuntimeInformation (4.3) - framework: >= net463
    System.Runtime.Loader (4.3) - framework: >= net463
    System.Runtime.Numerics (4.3) - framework: >= net463
    System.Security.Cryptography.Algorithms (4.3) - framework: >= net463
      System.IO (>= 4.3) - framework: >= net463, dnxcore50, netstandard13, netstandard14, >= netstandard16
      System.Runtime (>= 4.3) - framework: >= net463, dnxcore50, netstandard13, netstandard14, >= netstandard16
      System.Security.Cryptography.Encoding (>= 4.3) - framework: >= net463, dnxcore50, >= netstandard16
      System.Security.Cryptography.Primitives (>= 4.3) - framework: net46, net461, >= net463, dnxcore50, netstandard13, netstandard14, >= netstandard16
    System.Security.Cryptography.Encoding (4.3) - framework: >= net463
    System.Security.Cryptography.Primitives (4.3) - framework: >= net463
    System.Security.Cryptography.X509Certificates (4.3) - framework: >= net463
      System.Security.Cryptography.Algorithms (>= 4.3) - framework: net46, >= net461, dnxcore50, netstandard13, netstandard14, >= netstandard16
      System.Security.Cryptography.Encoding (>= 4.3) - framework: net46, >= net461, dnxcore50, netstandard13, netstandard14, >= netstandard16
    System.Spatial (5.6.4) - framework: >= net452
    System.Threading.Tasks.Parallel (4.3) - framework: >= net463
    System.Threading.Thread (4.3) - framework: >= net463
    System.Threading.ThreadPool (4.3) - framework: >= net463
    System.Threading.Timer (4.3) - framework: >= net463
    Topshelf (4.0.3) - framework: >= net452
    Topshelf.NLog (4.0.3) - framework: >= net452
      NLog (>= 4.3.10)
      Topshelf (>= 4.0.3)
    WindowsAzure.Storage (7.2.1) - framework: >= net452
      Microsoft.Azure.KeyVault.Core (>= 1.0) - framework: >= net40, wpv8.0
      Microsoft.Data.OData (>= 5.6.4) - framework: >= net40, >= netstandard13, winv4.5, wpv8.0, wpav8.1
      Microsoft.Data.Services.Client (>= 5.6.4) - framework: >= net40, >= netstandard13
      Newtonsoft.Json (>= 6.0.8) - framework: >= net40, winv4.5, wpv8.0, wpav8.1
    Wire (0.7.1) - framework: >= net452
    xunit (2.2.0-beta3-build3402) - framework: >= net452
      xunit.assert (2.2.0-beta3-build3402)
      xunit.core (2.2.0-beta3-build3402)
    xunit.abstractions (2.0.1) - framework: >= net452
    xunit.assert (2.2.0-beta3-build3402) - framework: >= net452
    xunit.core (2.2.0-beta3-build3402) - framework: >= net452
      xunit.extensibility.core (2.2.0-beta3-build3402)
      xunit.extensibility.execution (2.2.0-beta3-build3402)
    xunit.extensibility.core (2.2.0-beta3-build3402) - framework: >= net452
    xunit.extensibility.execution (2.2.0-beta3-build3402) - framework: >= net452
    xunit.runner.console (2.2)
  remote: \\officialcommunity.net\Public\ReleaseDepot\NuGet.Packages
    InventoryService.Messages (1.0.91) - framework: >= net452
    InventoryService.Server (1.0.91-pre) - framework: >= net452
      Akka.Cluster (>= 1.0.8.25-beta) - framework: >= net45
      Akka.Logger.NLog (>= 1.0.8) - framework: >= net45
      Akka.Remote (>= 1.0.8) - framework: >= net45
      Helios (>= 1.4.2) - framework: >= net45
      Microsoft.AspNet.SignalR.SelfHost (>= 2.2.1) - framework: >= net45
      Microsoft.AspNet.WebApi.Client (>= 3.0.1) - framework: >= net45
      Microsoft.Owin.Diagnostics (>= 3.0.1) - framework: >= net45
      Microsoft.Owin.FileSystems (>= 3.0.1) - framework: >= net45
      Microsoft.Owin.Host.HttpListener (>= 3.0.1) - framework: >= net45
      Microsoft.Owin.SelfHost (>= 3.0.1) - framework: >= net45
      Microsoft.Owin.StaticFiles (>= 3.0.1) - framework: >= net45
